GEM
  remote: https://rubygems.org/
  specs:
    google-protobuf (3.25.2)

PLATFORMS
  arm64-darwin-23
  ruby
  x86_64-linux

DEPENDENCIES
  google-protobuf (= 3.25.2)

BUNDLED WITH
   2.5.4
